GEM
  remote: http://rubygems.org/
  specs:
    haml (3.0.18)
    pg (0.9.0)

PLATFORMS
  ruby

DEPENDENCIES
  haml
  pg
